PATH
  remote: .
  specs:
    activerecord_defer_persist (0.2.0)
      activerecord (~> 6)
      activesupport (~> 6)

GEM
  remote: https://rubygems.org/
  specs:
    activemodel (6.1.7.10)
      activesupport (= 6.1.7.10)
    activerecord (6.1.7.10)
      activemodel (= 6.1.7.10)
      activesupport (= 6.1.7.10)
    activesupport (6.1.7.10)
      concurrent-ruby (~> 1.0, >= 1.0.2)
      i18n (>= 1.6, < 2)
      minitest (>= 5.1)
      tzinfo (~> 2.0)
      zeitwerk (~> 2.3)
    base64 (0.2.0)
    bigdecimal (3.1.9)
    concurrent-ruby (1.3.5)
    diff-lcs (1.6.2)
    i18n (1.14.7)
      concurrent-ruby (~> 1.0)
    logger (1.7.0)
    mini_portile2 (2.8.9)
    minitest (5.25.5)
    mutex_m (0.3.0)
    rake (13.2.1)
    rspec (3.13.0)
      rspec-core (~> 3.13.0)
      rspec-expectations (~> 3.13.0)
      rspec-mocks (~> 3.13.0)
    rspec-core (3.13.3)
      rspec-support (~> 3.13.0)
    rspec-expectations (3.13.4)
      diff-lcs (>= 1.2.0, < 2.0)
      rspec-support (~> 3.13.0)
    rspec-mocks (3.13.4)
      diff-lcs (>= 1.2.0, < 2.0)
      rspec-support (~> 3.13.0)
    rspec-support (3.13.3)
    sqlite3 (1.7.3)
      mini_portile2 (~> 2.8.0)
    tzinfo (2.0.6)
      concurrent-ruby (~> 1.0)
    zeitwerk (2.7.2)

PLATFORMS
  aarch64-linux-gnu
  aarch64-linux-musl
  arm-linux-gnu
  arm-linux-musl
  arm64-darwin
  x86-linux-gnu
  x86-linux-musl
  x86_64-darwin
  x86_64-linux-gnu
  x86_64-linux-musl

DEPENDENCIES
  activerecord_defer_persist!
  base64
  bigdecimal
  logger
  mutex_m
  rake (~> 13.0)
  rspec (~> 3)
  sqlite3 (~> 1)

BUNDLED WITH
   2.6.2
